GEM
  remote: https://rubygems.org/
  specs:
    rack (2.0.1)

PLATFORMS
  ruby

DEPENDENCIES
  rack (>= 1.5.4)

BUNDLED WITH
   1.16.1
